GEM
  remote: https://rubygems.org/
  specs:
    faraday (2.9.2)
      faraday-net_http (>= 2.0, < 3.2)
    faraday-net_http (3.1.0)
      net-http
    net-http (0.4.1)
      uri
    redcarpet (3.6.0)
    uri (0.13.0)

PLATFORMS
  aarch64-linux
  ruby

DEPENDENCIES
  faraday (~> 2.9.2)
  redcarpet (~> 3.6.0)

BUNDLED WITH
   2.5.11
